GEM
  remote: https://rubygems.org/
  specs:
    addressable (2.3.3)
    crack (0.3.2)
    diff-lcs (1.1.3)
    nokogiri (1.5.5)
    rspec (2.12.0)
      rspec-core (~> 2.12.0)
      rspec-expectations (~> 2.12.0)
      rspec-mocks (~> 2.12.0)
    rspec-core (2.12.2)
    rspec-expectations (2.12.1)
      diff-lcs (~> 1.1.3)
    rspec-mocks (2.12.1)
    webmock (1.10.1)
      addressable (>= 2.2.7)
      crack (>= 0.3.2)
    xml-simple (1.1.2)

PLATFORMS
  ruby

DEPENDENCIES
  nokogiri
  rspec
  webmock
  xml-simple
